PATH
  remote: .
  specs:
    doc_template (0.0.1)
      nokogiri
      zipruby

GEM
  remote: http://rubygems.org/
  specs:
    nokogiri (1.5.0)
    rake (0.9.2.2)
    zipruby (0.3.6)

PLATFORMS
  ruby

DEPENDENCIES
  doc_template!
  rake
